GEM
  remote: https://rubygems.org/
  specs:
    childprocess (0.7.0)
      ffi (~> 1.0, >= 1.0.11)
    ffi (1.9.18)
    headless (1.0.1)
    rubyzip (1.2.1)
    selenium-webdriver (3.4.2)
      childprocess (~> 0.5)
      rubyzip (~> 1.0)

PLATFORMS
  ruby

DEPENDENCIES
  headless (~> 1.0.1)
  selenium-webdriver

BUNDLED WITH
   1.15.1
